PATH
  remote: .
  specs:
    madan (0.1.0)
      tty-markdown
      tty-pager

GEM
  remote: https://rubygems.org/
  specs:
    equatable (0.5.0)
    kramdown (1.16.2)
    minitest (5.11.2)
    pastel (0.7.2)
      equatable (~> 0.5.0)
      tty-color (~> 0.4.0)
    rake (10.5.0)
    rouge (3.1.0)
    strings (0.1.0)
      unicode-display_width (~> 1.3.0)
      unicode_utils (~> 1.4.0)
    tty-color (0.4.2)
    tty-markdown (0.1.0)
      kramdown (~> 1.16.2)
      pastel (~> 0.7.2)
      rouge (~> 3.1.0)
      strings (~> 0.1.0)
      tty-color (~> 0.4.2)
      tty-screen (~> 0.6.2)
    tty-pager (0.11.0)
      strings (~> 0.1.0)
      tty-screen (~> 0.6.4)
      tty-which (~> 0.3.0)
    tty-screen (0.6.4)
    tty-which (0.3.0)
    unicode-display_width (1.3.0)
    unicode_utils (1.4.0)

PLATFORMS
  ruby

DEPENDENCIES
  bundler (~> 1.16)
  madan!
  minitest (~> 5.0)
  rake (~> 10.0)

BUNDLED WITH
   1.16.1
